GEM
  remote: http://rubygems.org/
  specs:
    activesupport (3.2.10)
      i18n (~> 0.6)
      multi_json (~> 1.0)
    i18n (0.6.1)
    multi_json (1.5.0)
    nestful (0.0.8)
      activesupport (>= 3.0.0.beta)

PLATFORMS
  ruby

DEPENDENCIES
  nestful
